GEM
  remote: https://rubygems.org/
  specs:
    connection_pool (2.4.1)
    pg (1.5.8)
    redis (5.3.0)
      redis-client (>= 0.22.0)
    redis-client (0.22.2)
      connection_pool

PLATFORMS
  arm64-darwin-22

DEPENDENCIES
  pg
  redis

BUNDLED WITH
   2.3.26
